PATH
  remote: .
  specs:
    danger-slather (0.0.6)
      danger-plugin-api (~> 1.0)
      slather (~> 2.4.7)

GEM
  remote: https://rubygems.org/
  specs:
    CFPropertyList (3.0.1)
    activesupport (4.2.11.1)
      i18n (~> 0.7)
      minitest (~> 5.1)
      thread_safe (~> 0.3, >= 0.3.4)
      tzinfo (~> 1.1)
    addressable (2.7.0)
      public_suffix (>= 2.0.2, < 5.0)
    ast (2.3.0)
    atomos (0.1.3)
    claide (1.0.3)
    claide-plugins (0.9.2)
      cork
      nap
      open4 (~> 1.3)
    clamp (1.3.1)
    coderay (1.1.1)
    colored2 (3.1.2)
    concurrent-ruby (1.1.5)
    cork (0.3.0)
      colored2 (~> 3.1)
    danger (6.1.0)
      claide (~> 1.0)
      claide-plugins (>= 0.9.2)
      colored2 (~> 3.1)
      cork (~> 0.1)
      faraday (~> 0.9)
      faraday-http-cache (~> 2.0)
      git (~> 1.5)
      kramdown (~> 2.0)
      kramdown-parser-gfm (~> 1.0)
      no_proxy_fix
      octokit (~> 4.7)
      terminal-table (~> 1)
    danger-plugin-api (1.0.0)
      danger (> 2.0)
    diff-lcs (1.2.5)
    faraday (0.17.0)
      multipart-post (>= 1.2, < 3)
    faraday-http-cache (2.0.0)
      faraday (~> 0.8)
    ffi (1.9.14)
    formatador (0.2.5)
    git (1.5.0)
    guard (2.14.0)
      formatador (>= 0.2.4)
      listen (>= 2.7, < 4.0)
      lumberjack (~> 1.0)
      nenv (~> 0.1)
      notiffany (~> 0.0)
      pry (>= 0.9.12)
      shellany (~> 0.0)
      thor (>= 0.18.1)
    guard-compat (1.2.1)
    guard-rspec (4.7.3)
      guard (~> 2.1)
      guard-compat (~> 1.1)
      rspec (>= 2.99.0, < 4.0)
    i18n (0.9.5)
      concurrent-ruby (~> 1.0)
    kramdown (2.1.0)
    kramdown-parser-gfm (1.1.0)
      kramdown (~> 2.0)
    listen (3.0.7)
      rb-fsevent (>= 0.9.3)
      rb-inotify (>= 0.9.7)
    lumberjack (1.0.10)
    metaclass (0.0.4)
    method_source (0.8.2)
    mini_portile2 (2.4.0)
    minitest (5.13.0)
    mocha (1.2.1)
      metaclass (~> 0.0.1)
    multipart-post (2.1.1)
    nanaimo (0.2.6)
    nap (1.1.0)
    nenv (0.3.0)
    no_proxy_fix (0.1.2)
    nokogiri (1.10.5)
      mini_portile2 (~> 2.4.0)
    notiffany (0.1.1)
      nenv (~> 0.1)
      shellany (~> 0.0)
    octokit (4.14.0)
      sawyer (~> 0.8.0, >= 0.5.3)
    open4 (1.3.4)
    parser (2.3.2.0)
      ast (~> 2.2)
    powerpack (0.1.1)
    pry (0.10.4)
      coderay (~> 1.1.0)
      method_source (~> 0.8.1)
      slop (~> 3.4)
    public_suffix (4.0.1)
    rainbow (2.1.0)
    rake (10.5.0)
    rb-fsevent (0.9.8)
    rb-inotify (0.9.7)
      ffi (>= 0.5.0)
    rspec (3.5.0)
      rspec-core (~> 3.5.0)
      rspec-expectations (~> 3.5.0)
      rspec-mocks (~> 3.5.0)
    rspec-core (3.5.4)
      rspec-support (~> 3.5.0)
    rspec-expectations (3.5.0)
      diff-lcs (>= 1.2.0, < 2.0)
      rspec-support (~> 3.5.0)
    rspec-mocks (3.5.0)
      diff-lcs (>= 1.2.0, < 2.0)
      rspec-support (~> 3.5.0)
    rspec-support (3.5.0)
    rubocop (0.45.0)
      parser (>= 2.3.1.1, < 3.0)
      powerpack (~> 0.1)
      rainbow (>= 1.99.1, < 3.0)
      ruby-progressbar (~> 1.7)
      unicode-display_width (~> 1.0, >= 1.0.1)
    ruby-progressbar (1.8.1)
    sawyer (0.8.2)
      addressable (>= 2.3.5)
      faraday (> 0.8, < 2.0)
    shellany (0.0.1)
    slather (2.4.7)
      CFPropertyList (>= 2.2, < 4)
      activesupport (>= 4.0.2, < 5)
      clamp (~> 1.3)
      nokogiri (~> 1.8)
      xcodeproj (~> 1.7)
    slop (3.6.0)
    terminal-table (1.8.0)
      unicode-display_width (~> 1.1, >= 1.1.1)
    thor (0.19.3)
    thread_safe (0.3.6)
    tzinfo (1.2.5)
      thread_safe (~> 0.1)
    unicode-display_width (1.1.1)
    xcodeproj (1.13.0)
      CFPropertyList (>= 2.3.3, < 4.0)
      atomos (~> 0.1.3)
      claide (>= 1.0.2, < 2.0)
      colored2 (~> 3.1)
      nanaimo (~> 0.2.6)
    yard (0.9.5)

PLATFORMS
  ruby

DEPENDENCIES
  bundler (~> 1.3)
  danger-slather!
  guard (~> 2.14)
  guard-rspec (~> 4.7)
  listen (= 3.0.7)
  mocha (~> 1.2)
  pry (~> 0.9)
  rake (~> 10.0)
  rspec (~> 3.4)
  rubocop (~> 0.41)
  yard (~> 0.8)

BUNDLED WITH
   1.17.2
